PATH
  remote: .
  specs:
    mm_tool (0.1.0)
      curses
      ncursesw
      nokogiri
      tty-screen

GEM
  remote: https://rubygems.org/
  specs:
    curses (1.3.2)
    git (1.5.0)
    mini_portile2 (2.4.0)
    ncursesw (1.4.10)
    nokogiri (1.10.7)
      mini_portile2 (~> 2.4.0)
    rake (10.5.0)
    tty-screen (0.7.0)

PLATFORMS
  ruby

DEPENDENCIES
  bundler (~> 1.17)
  git
  mm_tool!
  rake (~> 10.0)

BUNDLED WITH
   1.17.3
